GEM
  remote: https://rubygems.org/
  specs:
    bourbon (3.1.1)
      sass (>= 3.2.0)
      thor
    chunky_png (1.2.8)
    compass (0.12.2)
      chunky_png (~> 1.2)
      fssm (>= 0.2.7)
      sass (~> 3.1)
    fssm (0.2.10)
    oily_png (1.1.0)
      chunky_png (~> 1.2.7)
    sass (3.2.10)
    sass-globbing (1.0.0)
      sass (>= 3.1)
    thor (0.18.1)

PLATFORMS
  ruby
  x86-mingw32

DEPENDENCIES
  bourbon (= 3.1.1)
  compass (= 0.12.2)
  oily_png
  sass-globbing (= 1.0.0)
